GIT
  remote: https://github.com/ccutrer/redis-store.git
  revision: 72db36c56c6563fc65f213dcf8a1b77ddd22d1bb
  ref: 72db36c56c6563fc65f213dcf8a1b77ddd22d1bb
  specs:
    redis-store (1.1.4)
      redis (>= 2.2)

GIT
  remote: https://github.com/codekitchen/nokogiri.git
  revision: d47e53f885c97a865b350bd17162afdefe4a55ac
  ref: d47e53f885
  specs:
    nokogiri (1.6.6.2.20150813143452)
      mini_portile (~> 0.6.0)

GIT
  remote: https://github.com/colleenpalmer/dress_code.git
  revision: 574382160ee4fa54976953d4619e6054e77ee304
  specs:
    dress_code (1.0.2)
      colored
      mustache
      pygments.rb
      redcarpet

GIT
  remote: https://github.com/kreynolds/cassandra-cql.git
  revision: beed72e249d02cebc850a4b92b468c8b64b12257
  ref: beed72e249d02cebc850a4b92b468c8b64b12257
  specs:
    cassandra-cql (1.2.2)
      simple_uuid (>= 0.2.0)
      thrift_client (>= 0.7.1, < 0.9)

GIT
  remote: https://github.com/maneframe/mocha.git
  revision: bb8813fbb4cc589d7c58073d93983722d61b6919
  ref: bb8813fbb4cc589d7c58073d93983722d61b6919
  specs:
    mocha (1.1.0)
      metaclass (~> 0.0.1)

GIT
  remote: https://github.com/rails-api/active_model_serializers.git
  revision: 61882e1e4127facfe92e49057aec71edbe981829
  ref: 61882e1e4127facfe92e49057aec71edbe981829
  specs:
    active_model_serializers (0.9.0.alpha1)
      activemodel (>= 3.2)

GIT
  remote: https://github.com/smeredith0506/testbot.git
  revision: 47fbf057ab40f8a6e24b1ae780c3f1a176621892
  ref: 47fbf057ab40f8a6e24b1ae780c3f1a176621892
  branch: master
  specs:
    testbot (0.7.8)
      acts_as_rails3_generator
      daemons (>= 1.0.10)
      httparty (>= 0.6.1)
      json_pure (>= 1.4.6)
      net-ssh (>= 2.0.23)
      posix-spawn (>= 0.3.6)
      sinatra (~> 1.0.0)

PATH
  remote: gems
  specs:
    autoextend (1.0.0)

PATH
  remote: gems/active_polymorph
  specs:
    active_polymorph (0.0.1)
      activerecord (>= 3.2, < 4.1)

PATH
  remote: gems/activesupport-suspend_callbacks
  specs:
    activesupport-suspend_callbacks (0.0.1)
      activesupport (>= 3.2, < 4.2)

PATH
  remote: gems/acts_as_list
  specs:
    acts_as_list (0.0.1)
      rails (>= 3.2, < 4.2)

PATH
  remote: gems/adheres_to_policy
  specs:
    adheres_to_policy (0.0.1)
      rails (>= 3.2, < 4.2)

PATH
  remote: gems/attachment_fu
  specs:
    attachment_fu (1.0.0)
      rails (>= 3.2, < 4.2)

PATH
  remote: gems/bookmarked_collection
  specs:
    bookmarked_collection (1.0.0)
      folio-pagination (= 0.0.9)
      json_token
      paginated_collection
      rails (>= 3.2, < 4.2)
      will_paginate (= 3.0.7)

PATH
  remote: gems/broadcast_policy
  specs:
    broadcast_policy (1.0.0)
      activesupport
      after_transaction_commit

PATH
  remote: gems/canvas_breach_mitigation
  specs:
    canvas_breach_mitigation (0.0.1)

PATH
  remote: gems/canvas_cassandra
  specs:
    canvas_cassandra (0.0.1)
      cassandra-cql (= 1.2.2)

PATH
  remote: gems/canvas_color
  specs:
    canvas_color (0.0.1)

PATH
  remote: gems/canvas_crummy
  specs:
    canvas_crummy (0.0.1)

PATH
  remote: gems/canvas_ext
  specs:
    canvas_ext (1.0.0)
      activesupport (>= 3.2, < 4.2)
      tzinfo

PATH
  remote: gems/canvas_http
  specs:
    canvas_http (1.0.0)

PATH
  remote: gems/canvas_kaltura
  specs:
    canvas_kaltura (1.0.0)
      canvas_http
      canvas_slug
      canvas_sort
      multipart
      nokogiri

PATH
  remote: gems/canvas_mimetype_fu
  specs:
    canvas_mimetype_fu (0.0.1)

PATH
  remote: gems/canvas_panda_pub
  specs:
    canvas_panda_pub (1.0.0)
      canvas_http
      jwt

PATH
  remote: gems/canvas_partman
  specs:
    canvas_partman (1.0.0)
      activerecord (>= 3.2, < 4.2)
      pg (~> 0.17)

PATH
  remote: gems/canvas_quiz_statistics
  specs:
    canvas_quiz_statistics (0.1.0)
      activesupport
      html_text_helper

PATH
  remote: gems/canvas_sanitize
  specs:
    canvas_sanitize (0.0.1)
      sanitize (= 2.0.6)

PATH
  remote: gems/canvas_slug
  specs:
    canvas_slug (0.0.1)

PATH
  remote: gems/canvas_sort
  specs:
    canvas_sort (1.0.0)

PATH
  remote: gems/canvas_stringex
  specs:
    canvas_stringex (0.0.1)
      rails (>= 3.2, < 4.2)

PATH
  remote: gems/canvas_text_helper
  specs:
    canvas_text_helper (0.0.1)
      i18n

PATH
  remote: gems/canvas_time
  specs:
    canvas_time (1.0.0)
      activesupport (>= 3.2, < 4.2)
      tzinfo

PATH
  remote: gems/canvas_unzip
  specs:
    canvas_unzip (0.0.1)
      canvas_mimetype_fu
      rubyzip (= 1.1.1)

PATH
  remote: gems/csv_diff
  specs:
    csv_diff (1.0.0)
      sqlite3

PATH
  remote: gems/diigo
  specs:
    diigo (1.0.0)
      nokogiri

PATH
  remote: gems/event_stream
  specs:
    event_stream (0.0.1)
      bookmarked_collection
      canvas_cassandra
      canvas_statsd
      json_token
      paginated_collection
      rails (>= 3.2, < 4.2)

PATH
  remote: gems/google_docs
  specs:
    google_docs (1.0.0)
      oauth-instructure (= 0.4.10)
      ratom-nokogiri (= 0.10.3)

PATH
  remote: gems/google_drive
  specs:
    google_drive (1.0.0)
      google-api-client (= 0.8.2)

PATH
  remote: gems/handlebars_tasks
  specs:
    handlebars_tasks (0.0.1)
      execjs (= 1.4.0)
      i18n_extraction

PATH
  remote: gems/html_text_helper
  specs:
    html_text_helper (0.0.1)
      activesupport (>= 3.2, < 4.2)
      canvas_text_helper
      nokogiri
      sanitize (~> 2.0.3)

PATH
  remote: gems/i18n_extraction
  specs:
    i18n_extraction (0.0.1)
      activesupport (>= 3.2, < 4.2)
      i18nliner (= 0.0.12)
      ruby_parser (~> 3.7.0)
      sexp_processor (~> 4.2)

PATH
  remote: gems/i18n_tasks
  specs:
    i18n_tasks (0.0.1)
      activesupport (>= 3.2, < 4.2)
      i18n (~> 0.7.0)
      i18n_extraction
      ruby_parser (~> 3.7.0)
      utf8_cleaner
      ya2yaml (>= 0.30)

PATH
  remote: gems/incoming_mail_processor
  specs:
    incoming_mail_processor (0.0.1)
      activesupport (>= 3.2, < 4.2)
      canvas_statsd
      html_text_helper
      mail (= 2.5.4)
      utf8_cleaner

PATH
  remote: gems/json_token
  specs:
    json_token (0.0.1)
      json (~> 1.8)

PATH
  remote: gems/linked_in
  specs:
    linked_in (1.0.0)
      nokogiri
      oauth-instructure (= 0.4.10)

PATH
  remote: gems/live_events
  specs:
    live_events (1.0.0)
      activesupport
      aws-sdk-v1
      canvas_statsd

PATH
  remote: gems/lti_outbound
  specs:
    lti_outbound (0.0.1)
      i18n (~> 0.7.0)
      oauth-instructure (= 0.4.10)

PATH
  remote: gems/multipart
  specs:
    multipart (0.0.1)
      canvas_slug
      mime-types (= 1.17.2)

PATH
  remote: gems/paginated_collection
  specs:
    paginated_collection (1.0.0)
      folio-pagination (= 0.0.9)
      will_paginate (= 3.0.7)

PATH
  remote: gems/plugins/academic_benchmark
  specs:
    academic_benchmark (1.1.0)
      rails (>= 3.2, < 4.2)

PATH
  remote: gems/plugins/account_reports
  specs:
    account_reports (1.1.0)
      rails (>= 3.2, < 4.2)

PATH
  remote: gems/plugins/moodle_importer
  specs:
    moodle_importer (1.0.0)
      moodle2cc (= 0.2.25)
      rails (>= 3.2, < 4.2)
      thor (= 0.18.1)

PATH
  remote: gems/plugins/qti_exporter
  specs:
    qti_exporter (1.0.0)
      rails (>= 3.2, < 4.2)

PATH
  remote: gems/plugins/respondus_soap_endpoint
  specs:
    respondus_soap_endpoint (1.1.0)
      rails (>= 3.2, < 4.2)
      soap4r-middleware (= 0.8.3)
      soap4r-ruby1.9 (= 2.0.0)

PATH
  remote: gems/plugins/simply_versioned
  specs:
    simply_versioned (1.0.0)
      rails (>= 3.2, < 4.2)

PATH
  remote: gems/rubocop-canvas
  specs:
    rubocop-canvas (1.0.0)
      rubocop

PATH
  remote: gems/selinimum
  specs:
    selinimum (0.0.1)
      aws-sdk (~> 1.63.0)

PATH
  remote: gems/twitter
  specs:
    twitter (1.0.0)
      html_text_helper
      oauth-instructure

PATH
  remote: gems/utf8_cleaner
  specs:
    utf8_cleaner (0.0.1)

PATH
  remote: gems/workflow
  specs:
    workflow (0.0.1)
      rails (>= 3.2, < 4.2)

GEM
  remote: https://rubygems.org/
  specs:
    actionmailer (3.2.22)
      actionpack (= 3.2.22)
      mail (~> 2.5.4)
    actionpack (3.2.22)
      activemodel (= 3.2.22)
      activesupport (= 3.2.22)
      builder (~> 3.0.0)
      erubis (~> 2.7.0)
      journey (~> 1.0.4)
      rack (~> 1.4.5)
      rack-cache (~> 1.2)
      rack-test (~> 0.6.1)
      sprockets (~> 2.2.1)
    active_model-better_errors (1.6.7)
      activemodel (>= 3.0)
    activemodel (3.2.22)
      activesupport (= 3.2.22)
      builder (~> 3.0.0)
    activerecord (3.2.22)
      activemodel (= 3.2.22)
      activesupport (= 3.2.22)
      arel (~> 3.0.2)
      tzinfo (~> 0.3.29)
    activerecord-colored_log_subscriber (0.1.0)
      activerecord (>= 3.2, < 5.0)
    activeresource (3.2.22)
      activemodel (= 3.2.22)
      activesupport (= 3.2.22)
    activesupport (3.2.22)
      i18n (~> 0.6, >= 0.6.4)
      multi_json (~> 1.0)
    acts_as_rails3_generator (0.0.1)
    addressable (2.3.5)
    adobe_connect (1.0.3)
      activesupport (>= 2.3.17)
      nokogiri (>= 1.5.5, < 1.7)
      rake (>= 0.9.2)
    after_transaction_commit (1.0.1)
      activerecord (>= 3.2)
    appium_lib (7.0.0)
      awesome_print (~> 1.6)
      json (~> 1.8)
      nokogiri (~> 1.6.6)
      selenium-webdriver (~> 2.45)
      toml (~> 0.0)
    arel (3.0.3)
    aroi (0.0.3)
      rails (>= 3.2, < 5.0)
    ast (2.1.0)
    astrolabe (1.3.1)
      parser (~> 2.2)
    authlogic (3.4.2)
      activerecord (>= 3.2)
      activesupport (>= 3.2)
      request_store (~> 1.0)
    autoparse (0.3.3)
      addressable (>= 2.3.1)
      extlib (>= 0.9.15)
      multi_json (>= 1.0.0)
    awesome_print (1.6.1)
    aws-sdk (1.63.0)
      aws-sdk-v1 (= 1.63.0)
    aws-sdk-v1 (1.63.0)
      json (~> 1.4)
      nokogiri (>= 1.4.4)
    barby (0.5.0)
    bcrypt-ruby (3.0.1)
    blankslate (2.1.2.4)
    bluecloth (2.2.0)
    builder (3.0.0)
    bullet_instructure (4.14.8)
      activesupport (>= 3.0.0)
      redcarpet (>= 3.0.0)
      uniform_notifier (~> 1.9.0)
    byebug (5.0.0)
      columnize (= 0.9.0)
    canvas-jobs (0.9.13)
      after_transaction_commit (= 1.0.1)
      rails (>= 3.2)
      redis (> 3.0)
      redis-scripting (~> 1.0.1)
      rufus-scheduler (~> 3.1.2)
    canvas_connect (0.3.8)
      adobe_connect (~> 1.0.0)
      rake (>= 0.9.6)
    canvas_statsd (1.0.3)
      aroi (= 0.0.3)
      statsd-ruby (= 1.0.0)
    canvas_webex (0.15)
    childprocess (0.5.0)
      ffi (~> 1.0, >= 1.0.11)
    chunky_png (1.3.0)
    coderay (1.1.0)
    coffee-script (2.3.0)
      coffee-script-source
      execjs
    coffee-script-source (1.6.2)
    colored (1.2)
    colorize (0.7.7)
    columnize (0.9.0)
    crack (0.4.1)
      safe_yaml (~> 0.9.0)
    crocodoc-ruby (0.0.1)
      json
    daemons (1.2.3)
    debugger (1.6.6)
      columnize (>= 0.3.1)
      debugger-linecache (~> 1.2.0)
      debugger-ruby_core_source (~> 1.3.2)
    debugger-linecache (1.2.0)
    debugger-ruby_core_source (1.3.8)
    diff-lcs (1.2.5)
    docile (1.1.3)
    dynamic_form (1.1.4)
    encrypted_cookie_store-instructure (1.1.11)
      actionpack (>= 3.2, < 4.2)
    erubis (2.7.0)
    eventmachine (1.0.4)
    execjs (1.4.0)
      multi_json (~> 1.0)
    extlib (0.9.16)
    faraday (0.9.1)
      multipart-post (>= 1.2, < 3)
    faraday_middleware (0.10.0)
      faraday (>= 0.7.4, < 0.10)
    fast_stack (0.1.0)
      rake
      rake-compiler
    ffi (1.1.5)
    ffi-icu (0.1.2)
      ffi (~> 1.0, >= 1.0.9)
    flamegraph (0.1.0)
      fast_stack
    folio-pagination (0.0.9)
    fontcustom (1.3.8)
      json (~> 1.4)
      listen (>= 1.0, < 3.0)
      thor (~> 0.14)
    foreigner (0.9.2)
    formatador (0.2.5)
    github-markdown (0.6.8)
    globby (0.1.1)
    google-api-client (0.8.2)
      activesupport (>= 3.2)
      addressable (~> 2.3)
      autoparse (~> 0.3)
      extlib (~> 0.9)
      faraday (~> 0.9)
      launchy (~> 2.4)
      multi_json (~> 1.10)
      retriable (~> 1.4)
      signet (~> 0.6)
    guard (1.8.0)
      formatador (>= 0.2.4)
      listen (>= 1.0.0)
      lumberjack (>= 1.0.2)
      pry (>= 0.9.10)
      thor (>= 0.14.6)
    guard-gulp (0.0.2)
      guard (>= 1.1)
    guard-shell (0.6.1)
      guard (>= 1.1.0)
    hairtrigger (0.2.12)
      activerecord (>= 2.3)
      ruby2ruby (~> 2.0)
      ruby_parser (~> 3.5)
    hashdiff (0.2.0)
    hashery (1.3.0)
    hashie (2.0.5)
    hey (1.3.0)
    highline (1.6.1)
    hike (1.2.3)
    hoe (3.8.1)
      rake (>= 0.8, < 11.0)
    httparty (0.13.5)
      json (~> 1.8)
      multi_xml (>= 0.5.2)
    i18n (0.7.0)
    i18nema (0.0.8)
      i18n (>= 0.5)
      syck (~> 1.0.0)
    i18nema19 (0.0.8)
      i18n (>= 0.5)
    i18nliner (0.0.12)
      activesupport (>= 3.0)
      erubis (~> 2.7.0)
      globby (>= 0.1.1)
      nokogiri (>= 1.5.0)
      ruby2ruby (~> 2.0)
      ruby_parser (~> 3.2)
      sexp_processor (~> 4.4.0)
      ya2yaml (= 0.31)
    icalendar (1.5.4)
    iconv (1.0.4)
    ims-lti (2.0.0.beta.27)
      builder
      faraday (~> 0.8)
      faraday_middleware (~> 0.8)
      simple_oauth (= 0.2)
    instructure-happymapper (0.5.10)
      nokogiri (~> 1.5)
    iso8601 (0.8.6)
    journey (1.0.4)
    json (1.8.2)
    json_pure (1.8.2)
    jwt (1.2.1)
    launchy (2.4.3)
      addressable (~> 2.3)
    letter_opener (1.4.1)
      launchy (~> 2.2)
    listen (1.3.1)
      rb-fsevent (>= 0.9.3)
      rb-inotify (>= 0.9)
      rb-kqueue (>= 0.2)
    lumberjack (1.0.9)
    mail (2.5.4)
      mime-types (~> 1.16)
      treetop (~> 1.4.8)
    marginalia (1.3.0)
      actionpack (>= 2.3)
      activerecord (>= 2.3)
    metaclass (0.0.2)
    method_source (0.8.2)
    mime-types (1.17.2)
    mini_magick (4.2.7)
    mini_portile (0.6.2)
    moodle2cc (0.2.25)
      builder
      instructure-happymapper (~> 0.5.10)
      nokogiri
      rdiscount
      rubyzip (>= 1.0.0)
      thor
    multi_json (1.10.1)
    multi_xml (0.5.5)
    multipart-post (2.0.0)
    mustache (0.99.5)
    mysql2 (0.3.15)
    net-http-persistent (2.9.4)
    net-ldap (0.10.1)
    net-ssh (2.9.2)
    netaddr (1.5.0)
    oauth-instructure (0.4.10)
    oauth2 (1.0.0)
      faraday (>= 0.8, < 0.10)
      jwt (~> 1.0)
      multi_json (~> 1.3)
      multi_xml (~> 0.5)
      rack (~> 1.2)
    oj (2.5.5)
    once-ler (0.0.15)
      activerecord (>= 3.0)
      rspec (>= 2.14)
    open4 (1.3.0)
    parallel (1.4.1)
    parser (2.2.2.6)
      ast (>= 1.1, < 3.0)
    parslet (1.5.0)
      blankslate (~> 2.0)
    pg (0.17.1)
    polyglot (0.3.5)
    posix-spawn (0.3.8)
    power_assert (0.2.4)
    powerpack (0.1.1)
    pry (0.10.1)
      coderay (~> 1.1.0)
      method_source (~> 0.8.1)
      slop (~> 3.4)
    pygments.rb (0.5.4)
      posix-spawn (~> 0.3.6)
      yajl-ruby (~> 1.1.0)
    rack (1.4.5)
    rack-cache (1.2)
      rack (>= 0.4)
    rack-mini-profiler (0.9.2)
      rack (>= 1.1.3)
    rack-ssl (1.3.4)
      rack
    rack-test (0.6.3)
      rack (>= 1.0)
    rails (3.2.22)
      actionmailer (= 3.2.22)
      actionpack (= 3.2.22)
      activerecord (= 3.2.22)
      activeresource (= 3.2.22)
      activesupport (= 3.2.22)
      bundler (~> 1.0)
      railties (= 3.2.22)
    rails-patch-json-encode (0.0.1)
      multi_json
    railties (3.2.22)
      actionpack (= 3.2.22)
      activesupport (= 3.2.22)
      rack-ssl (~> 1.3.2)
      rake (>= 0.8.7)
      rdoc (~> 3.4)
      thor (>= 0.14.6, < 2.0)
    rainbow (2.0.0)
    rake (10.4.2)
    rake-compiler (0.9.5)
      rake
    ratom-nokogiri (0.10.3)
      nokogiri (>= 1.5.6, < 1.7)
    rb-fchange (0.0.6)
      ffi
    rb-fsevent (0.9.6)
    rb-inotify (0.9.5)
      ffi (>= 0.5.0)
    rb-kqueue (0.2.4)
      ffi (>= 0.5.0)
    rdiscount (1.6.8)
    rdoc (3.12)
      json (~> 1.4)
    redcarpet (3.2.3)
    redis (3.1.0)
    redis-actionpack (3.2.4)
      actionpack (~> 3.2.0)
      redis-rack (~> 1.4.4)
      redis-store (~> 1.1.4)
    redis-activesupport (3.2.5)
      activesupport (~> 3.2.0)
      redis-store (~> 1.1.0)
    redis-rack (1.4.4)
      rack (~> 1.4.0)
      redis-store (~> 1.1.4)
    redis-rails (3.2.4)
      redis-actionpack (~> 3.2.4)
      redis-activesupport (~> 3.2.4)
      redis-store (~> 1.1.4)
    redis-scripting (1.0.1)
      redis (>= 3.0)
    request_store (1.2.0)
    retriable (1.4.1)
    ritex (1.0.1)
    rotp (1.6.1)
    routing_concerns (0.1.0)
      actionpack (>= 3.2.0)
      activemodel (>= 3.2.0)
      railties (>= 3.2.0)
    rqrcode (0.4.2)
    rspec (3.2.0)
      rspec-core (~> 3.2.0)
      rspec-expectations (~> 3.2.0)
      rspec-mocks (~> 3.2.0)
    rspec-collection_matchers (1.1.2)
      rspec-expectations (>= 2.99.0.beta1)
    rspec-core (3.2.3)
      rspec-support (~> 3.2.0)
    rspec-expectations (3.2.1)
      diff-lcs (>= 1.2.0, < 2.0)
      rspec-support (~> 3.2.0)
    rspec-legacy_formatters (1.0.0)
      rspec-core (>= 3.0.0.beta2)
      rspec-support (>= 3.0.0.beta2)
    rspec-mocks (3.2.1)
      diff-lcs (>= 1.2.0, < 2.0)
      rspec-support (~> 3.2.0)
    rspec-rails (3.2.3)
      actionpack (>= 3.0, < 4.3)
      activesupport (>= 3.0, < 4.3)
      railties (>= 3.0, < 4.3)
      rspec-core (~> 3.2.0)
      rspec-expectations (~> 3.2.0)
      rspec-mocks (~> 3.2.0)
      rspec-support (~> 3.2.0)
    rspec-support (3.2.2)
    rubocop (0.33.0)
      astrolabe (~> 1.3)
      parser (>= 2.2.2.5, < 3.0)
      powerpack (~> 0.1)
      rainbow (>= 1.99.1, < 3.0)
      ruby-progressbar (~> 1.4)
    rubocop-rspec (1.3.0)
    ruby-duration (3.2.0)
      activesupport (>= 3.0.0)
      i18n
      iso8601
    ruby-progressbar (1.7.5)
    ruby-saml-mod (0.2.7)
      ffi
      nokogiri (~> 1.6)
    ruby2ruby (2.0.8)
      ruby_parser (~> 3.1)
      sexp_processor (~> 4.0)
    ruby_parser (3.7.0)
      sexp_processor (~> 4.1)
    rubycas-client (2.3.9)
      activesupport
    rubyzip (1.1.1)
    rufus-scheduler (3.1.2)
    safe_yaml (0.9.7)
    safe_yaml-instructure (0.8.0)
    sanitize (2.0.6)
      nokogiri (>= 1.4.4)
    selenium-webdriver (2.46.2)
      childprocess (~> 0.5)
      multi_json (~> 1.0)
      rubyzip (~> 1.0)
      websocket (~> 1.0)
    sentry-raven (0.13.2)
      faraday (>= 0.7.6)
    sequel (4.5.0)
    sexp_processor (4.4.5)
    shackles (1.0.7)
      activerecord (>= 3.2, < 4.2)
    shoulda-matchers (2.8.0)
      activesupport (>= 3.0.0)
    signet (0.6.0)
      addressable (~> 2.3)
      extlib (~> 0.9)
      faraday (~> 0.9)
      jwt (~> 1.0)
      multi_json (~> 1.10)
    simple_oauth (0.2.0)
    simple_uuid (0.4.0)
    simplecov (0.9.2)
      docile (~> 1.1.0)
      multi_json (~> 1.0)
      simplecov-html (~> 0.9.0)
    simplecov-html (0.9.0)
    simplecov-rcov (0.2.3)
      simplecov (>= 0.4.1)
    sinatra (1.0)
      rack (>= 1.0)
    slop (3.6.0)
    soap4r-middleware (0.8.3)
      soap4r-ruby1.9 (= 2.0.0)
    soap4r-ruby1.9 (2.0.0)
    spring (1.3.6)
    spring-commands-rspec (1.0.2)
      spring (>= 0.9.1)
    sprockets (2.2.3)
      hike (~> 1.2)
      multi_json (~> 1.0)
      rack (~> 1.0)
      tilt (~> 1.1, != 1.3.0)
    sqlite3 (1.3.9)
    stackprof (0.2.7)
    statsd-ruby (1.0.0)
    strong_parameters (0.2.3)
      actionpack (~> 3.0)
      activemodel (~> 3.0)
      activesupport (~> 3.0)
      railties (~> 3.0)
    subexec (0.0.4)
    switchman (1.2.40)
      activerecord (>= 3.2, < 4.2)
      open4 (= 1.3.0)
      railties (>= 3.2, < 4.2)
      shackles (~> 1.0)
    syck (1.0.4)
    test-unit (3.1.3)
      power_assert
    test_after_commit (0.4.0)
      activerecord (>= 3.2)
    testingbot (0.1.6)
      json
      net-http-persistent
      selenium-webdriver
    thin (1.6.3)
      daemons (~> 1.0, >= 1.0.9)
      eventmachine (~> 1.0)
      rack (~> 1.0)
    thor (0.18.1)
    thrift (0.8.0)
    thrift_client (0.8.4)
      thrift (~> 0.8.0)
    tilt (1.4.1)
    timecop (0.6.3)
    toml (0.1.2)
      parslet (~> 1.5.0)
    treetop (1.4.15)
      polyglot
      polyglot (>= 0.3.1)
    tzinfo (0.3.43)
    uniform_notifier (1.9.0)
    useragent (0.10.0)
    uuidtools (2.1.4)
    webmock (1.16.1)
      addressable (>= 2.2.7)
      crack (>= 0.3.2)
    websocket (1.0.7)
    will_paginate (3.0.7)
    ya2yaml (0.31)
    yajl-ruby (1.1.0)
    yard (0.8.7.6)
    yard-appendix (0.1.8)
      yard (>= 0.8.0)
    zip-zip (0.2)
      rubyzip (>= 1.0.0)

PLATFORMS
  ruby

DEPENDENCIES
  academic_benchmark!
  account_reports!
  active_model-better_errors (= 1.6.7)
  active_model_serializers (= 0.9.0alpha1)!
  active_polymorph!
  activerecord-colored_log_subscriber (= 0.1.0)
  activesupport-suspend_callbacks!
  acts_as_list!
  addressable (= 2.3.5)
  adheres_to_policy!
  adobe_connect (= 1.0.3)
  after_transaction_commit (= 1.0.1)
  appium_lib (= 7.0.0)
  attachment_fu!
  authlogic (= 3.4.2)
  autoextend!
  aws-sdk (= 1.63.0)
  barby (= 0.5.0)
  bcrypt-ruby (= 3.0.1)
  bluecloth (= 2.2.0)
  bookmarked_collection!
  broadcast_policy!
  builder (= 3.0.0)
  bullet_instructure (= 4.14.8)
  bundler (>= 1.7.10, <= 1.10.6)
  byebug (= 5.0.0)
  canvas-jobs (= 0.9.13)
  canvas_breach_mitigation!
  canvas_cassandra!
  canvas_color!
  canvas_connect (= 0.3.8)
  canvas_crummy!
  canvas_ext!
  canvas_http!
  canvas_kaltura!
  canvas_mimetype_fu!
  canvas_panda_pub!
  canvas_partman!
  canvas_quiz_statistics!
  canvas_sanitize!
  canvas_slug!
  canvas_sort!
  canvas_statsd (= 1.0.3)
  canvas_stringex!
  canvas_text_helper!
  canvas_time!
  canvas_unzip!
  canvas_webex (= 0.15)
  cassandra-cql (= 1.2.2)!
  childprocess (= 0.5.0)
  chunky_png (= 1.3.0)
  coffee-script (= 2.3.0)
  coffee-script-source (= 1.6.2)
  colored (= 1.2)
  colorize
  columnize (= 0.9.0)
  crack (= 0.4.1)
  crocodoc-ruby (= 0.0.1)
  csv_diff!
  debugger (= 1.6.6)
  diigo!
  docile (= 1.1.3)
  dress_code (= 1.0.2)!
  dynamic_form (= 1.1.4)
  encrypted_cookie_store-instructure (= 1.1.11)
  event_stream!
  eventmachine (= 1.0.4)
  execjs (= 1.4.0)
  ffi (= 1.1.5)
  ffi-icu (= 0.1.2)
  flamegraph (= 0.1.0)
  folio-pagination (= 0.0.9)
  fontcustom (~> 1.3.3)
  foreigner (= 0.9.2)
  github-markdown (= 0.6.8)
  google_docs!
  google_drive!
  guard (= 1.8.0)
  guard-gulp (~> 0.0.2)
  guard-shell (~> 0.6.1)
  hairtrigger (= 0.2.12)
  handlebars_tasks!
  hashdiff (= 0.2.0)
  hashery (= 1.3.0)
  hashie (= 2.0.5)
  hey (= 1.3.0)
  highline (= 1.6.1)
  hoe (= 3.8.1)
  html_text_helper!
  i18n (= 0.7.0)
  i18n_extraction!
  i18n_tasks!
  i18nema (= 0.0.8)
  i18nema19 (= 0.0.8)
  i18nliner (= 0.0.12)
  icalendar (= 1.5.4)
  iconv (= 1.0.4)
  ims-lti (= 2.0.0.beta.27)
  incoming_mail_processor!
  json (= 1.8.2)
  json_token!
  jwt (= 1.2.1)
  letter_opener
  linked_in!
  listen (~> 1.3)
  live_events!
  lti_outbound!
  mail (= 2.5.4)
  marginalia (= 1.3.0)
  metaclass (= 0.0.2)
  mime-types (= 1.17.2)
  mini_magick (= 4.2.7)
  mocha!
  moodle_importer!
  multi_json (= 1.10.1)
  multipart!
  mustache (= 0.99.5)
  mysql2 (= 0.3.15)
  net-ldap (= 0.10.1)
  netaddr (= 1.5.0)
  nokogiri (= 1.6.6.2.20150813143452)!
  oauth-instructure (= 0.4.10)
  oauth2 (= 1.0.0)
  oj (= 2.5.5)
  once-ler (= 0.0.15)
  paginated_collection!
  parallel (= 1.4.1)
  pg (= 0.17.1)
  polyglot (= 0.3.5)
  posix-spawn (= 0.3.8)
  pygments.rb (= 0.5.4)
  qti_exporter!
  rack (= 1.4.5)
  rack-mini-profiler (= 0.9.2)
  rails (= 3.2.22)
  rails-patch-json-encode (= 0.0.1)
  rake (= 10.4.2)
  ratom-nokogiri (= 0.10.3)
  rb-fchange
  rb-fsevent
  rb-inotify (~> 0.9.0)
  rdiscount (= 1.6.8)
  rdoc (= 3.12)
  redcarpet (= 3.2.3)
  redis (= 3.1.0)
  redis-rails (= 3.2.4)
  redis-scripting (= 1.0.1)
  redis-store (= 1.1.4)!
  respondus_soap_endpoint!
  ritex (= 1.0.1)
  rotp (= 1.6.1)
  routing_concerns (= 0.1.0)
  rqrcode (= 0.4.2)
  rspec (= 3.2.0)
  rspec-collection_matchers (= 1.1.2)
  rspec-legacy_formatters (= 1.0.0)
  rspec-rails (= 3.2.3)
  rubocop
  rubocop-canvas!
  rubocop-rspec
  ruby-duration (= 3.2.0)
  ruby-progressbar (= 1.7.5)
  ruby-saml-mod (= 0.2.7)
  ruby2ruby (= 2.0.8)
  ruby_parser (= 3.7.0)
  rubycas-client (= 2.3.9)
  rubyzip (= 1.1.1)
  rufus-scheduler (= 3.1.2)
  safe_yaml (= 0.9.7)
  safe_yaml-instructure (= 0.8.0)
  sanitize (= 2.0.6)
  selenium-webdriver (= 2.46.2)
  selinimum (= 0.0.1)!
  sentry-raven (= 0.13.2)
  sequel (= 4.5.0)
  shackles (= 1.0.7)
  shoulda-matchers (= 2.8.0)
  simple_uuid (= 0.4.0)
  simplecov (= 0.9.2)
  simplecov-rcov (= 0.2.3)
  simply_versioned!
  spring (>= 1.3.0)
  spring-commands-rspec (= 1.0.2)
  sqlite3 (= 1.3.9)
  stackprof (= 0.2.7)
  strong_parameters (= 0.2.3)
  subexec (= 0.0.4)
  switchman (= 1.2.40)
  syck (= 1.0.4)
  test-unit (~> 3.0)
  test_after_commit (= 0.4.0)
  testbot!
  testingbot
  thin (= 1.6.3)
  thrift (= 0.8.0)
  thrift_client (= 0.8.4)
  timecop (= 0.6.3)
  treetop (= 1.4.15)
  twitter!
  tzinfo (= 0.3.43)
  useragent (= 0.10.0)
  utf8_cleaner!
  uuidtools (= 2.1.4)
  webmock (= 1.16.1)
  websocket (= 1.0.7)
  will_paginate (= 3.0.7)
  workflow!
  yajl-ruby (= 1.1.0)
  yard (= 0.8.7.6)
  yard-appendix (>= 0.1.8)
  zip-zip (= 0.2)

BUNDLED WITH
   1.10.6
